GEM
  remote: http://rubygems.org/
  specs:
    activemodel (5.1.4)
      activesupport (= 5.1.4)
    activerecord (5.1.4)
      activemodel (= 5.1.4)
      activesupport (= 5.1.4)
      arel (~> 8.0)
    activesupport (5.1.4)
      concurrent-ruby (~> 1.0, >= 1.0.2)
      i18n (~> 0.7)
      minitest (~> 5.1)
      tzinfo (~> 1.1)
    arel (8.0.0)
    bcrypt (3.1.11)
    bond (0.5.1)
    coderay (1.1.2)
    concurrent-ruby (1.0.5)
    daemons (1.2.6)
    eventmachine (1.2.5)
    i18n (0.9.1)
      concurrent-ruby (~> 1.0)
    method_source (0.9.0)
    minitest (5.11.1)
    mustermann (1.0.1)
    pry (0.11.3)
      coderay (~> 1.1.0)
      method_source (~> 0.9.0)
    rack (2.0.3)
    rack-protection (2.0.0)
      rack
    rack-test (0.6.3)
      rack (>= 1.0)
    rake (12.3.0)
    require_all (1.5.0)
    ripl (0.7.1)
      bond (~> 0.5.1)
    ripl-multi_line (0.3.1)
      ripl (>= 0.3.6)
    ripl-rack (0.2.1)
      rack (>= 1.0)
      rack-test (~> 0.6.2)
      ripl (>= 0.7.0)
    shotgun (0.9.2)
      rack (>= 1.0)
    sinatra (2.0.0)
      mustermann (~> 1.0)
      rack (~> 2.0)
      rack-protection (= 2.0.0)
      tilt (~> 2.0)
    sinatra-activerecord (2.0.13)
      activerecord (>= 3.2)
      sinatra (>= 1.0)
    sinatra-flash (0.3.0)
      sinatra (>= 1.0.0)
    sqlite3 (1.3.13)
    thin (1.7.2)
      daemons (~> 1.0, >= 1.0.9)
      eventmachine (~> 1.0, >= 1.0.4)
      rack (>= 1, < 3)
    thread_safe (0.3.6)
    tilt (2.0.8)
    tux (0.3.0)
      ripl (>= 0.3.5)
      ripl-multi_line (>= 0.2.4)
      ripl-rack (>= 0.2.0)
      sinatra (>= 1.2.1)
    tzinfo (1.2.4)
      thread_safe (~> 0.1)

PLATFORMS
  ruby

DEPENDENCIES
  bcrypt
  pry
  rake
  require_all
  shotgun
  sinatra
  sinatra-activerecord
  sinatra-flash
  sqlite3
  thin
  tux

BUNDLED WITH
   1.16.0
